GEM
  remote: https://rubygems.org/
  specs:
    bson (4.3.0)
    diff-lcs (1.3)
    mongo (2.6.2)
      bson (>= 4.3.0, < 5.0.0)
    rspec (3.8.0)
      rspec-core (~> 3.8.0)
      rspec-expectations (~> 3.8.0)
      rspec-mocks (~> 3.8.0)
    rspec-core (3.8.0)
      rspec-support (~> 3.8.0)
    rspec-expectations (3.8.1)
      diff-lcs (>= 1.2.0, < 2.0)
      rspec-support (~> 3.8.0)
    rspec-mocks (3.8.0)
      diff-lcs (>= 1.2.0, < 2.0)
      rspec-support (~> 3.8.0)
    rspec-support (3.8.0)
    sequel (5.12.0)

PLATFORMS
  ruby

DEPENDENCIES
  mongo
  rspec
  sequel

BUNDLED WITH
   1.16.4
